GEM
  remote: http://rubygems.org/
  specs:
    httparty (0.8.1)
      multi_json
      multi_xml
    multi_json (1.8.0)
    multi_xml (0.5.5)

PLATFORMS
  ruby

DEPENDENCIES
  httparty
